PATH
  remote: .
  specs:
    greet_nest (0.1.2)

GEM
  remote: https://rubygems.org/
  specs:
    rake (12.3.3)

PLATFORMS
  ruby

DEPENDENCIES
  greet_nest!
  rake (~> 12.0)

BUNDLED WITH
   2.1.2
